GEM
  remote: https://rubygems.org/
  specs:
    mina (0.3.6)
      open4 (~> 1.3.4)
      rake
    open4 (1.3.4)
    rake (12.3.0)

PLATFORMS
  ruby
  x64-mingw32

DEPENDENCIES
  mina

RUBY VERSION
   ruby 2.0.0p648

BUNDLED WITH
   1.16.0
